GEM
  specs:
    dotenv (2.7.5)
    faraday (0.17.1)
      multipart-post (>= 1.2, < 3)
    icalendar (2.6.1)
      ice_cube (~> 0.16)
    ice_cube (0.16.3)
    multipart-post (2.1.1)
    ruby2d (0.9.2)

PLATFORMS
  ruby

DEPENDENCIES
  dotenv
  faraday
  icalendar
  ruby2d

BUNDLED WITH
   2.1.2
