GEM
  specs:
    dotenv (2.7.5)
    ruby2d (0.9.2)

PLATFORMS
  ruby

DEPENDENCIES
  dotenv
  ruby2d

BUNDLED WITH
   2.1.2
