GEM
  remote: https://rubygems.org/
  specs:
    addressable (2.7.0)
      public_suffix (>= 2.0.2, < 5.0)
    coderay (1.1.2)
    dotenv (2.7.5)
    faraday (0.17.3)
      multipart-post (>= 1.2, < 3)
    googleauth (0.10.0)
      faraday (~> 0.12)
      jwt (>= 1.4, < 3.0)
      memoist (~> 0.16)
      multi_json (~> 1.11)
      os (>= 0.9, < 2.0)
      signet (~> 0.12)
    icalendar (2.6.1)
      ice_cube (~> 0.16)
    ice_cube (0.16.3)
    jwt (2.2.1)
    memoist (0.16.2)
    method_source (0.9.2)
    multi_json (1.14.1)
    multipart-post (2.1.1)
    os (1.0.1)
    pry (0.12.2)
      coderay (~> 1.1.0)
      method_source (~> 0.9.0)
    public_suffix (4.0.3)
    ruby2d (0.9.2)
    signet (0.12.0)
      addressable (~> 2.3)
      faraday (~> 0.9)
      jwt (>= 1.5, < 3.0)
      multi_json (~> 1.10)

PLATFORMS
  ruby

DEPENDENCIES
  dotenv
  faraday
  googleauth
  icalendar
  pry
  ruby2d

BUNDLED WITH
   2.1.2
